GEM
  remote: https://rubygems.org/
  specs:
    bigdecimal (3.1.8)
    coderay (1.1.3)
    concurrent-ruby (1.3.4)
    dotenv (3.1.4)
    dry-core (1.0.2)
      concurrent-ruby (~> 1.0)
      logger
      zeitwerk (~> 2.6)
    dry-inflector (1.1.0)
    dry-logic (1.5.0)
      concurrent-ruby (~> 1.0)
      dry-core (~> 1.0, < 2)
      zeitwerk (~> 2.6)
    dry-struct (1.6.0)
      dry-core (~> 1.0, < 2)
      dry-types (>= 1.7, < 2)
      ice_nine (~> 0.11)
      zeitwerk (~> 2.6)
    dry-types (1.7.2)
      bigdecimal (~> 3.0)
      concurrent-ruby (~> 1.0)
      dry-core (~> 1.0)
      dry-inflector (~> 1.0)
      dry-logic (~> 1.4)
      zeitwerk (~> 2.6)
    faraday (2.12.1)
      faraday-net_http (>= 2.0, < 3.5)
      json
      logger
    faraday-multipart (1.0.4)
      multipart-post (~> 2)
    faraday-net_http (3.4.0)
      net-http (>= 0.5.0)
    ice_nine (0.11.2)
    json (2.9.0)
    logger (1.6.2)
    method_source (1.1.0)
    multipart-post (2.4.1)
    net-http (0.6.0)
      uri
    pry (0.15.0)
      coderay (~> 1.1)
      method_source (~> 1.0)
    sqlite3 (2.4.0-aarch64-linux-gnu)
    sqlite3 (2.4.0-aarch64-linux-musl)
    sqlite3 (2.4.0-arm-linux-gnu)
    sqlite3 (2.4.0-arm-linux-musl)
    sqlite3 (2.4.0-arm64-darwin)
    sqlite3 (2.4.0-x86-linux-gnu)
    sqlite3 (2.4.0-x86-linux-musl)
    sqlite3 (2.4.0-x86_64-darwin)
    sqlite3 (2.4.0-x86_64-linux-gnu)
    sqlite3 (2.4.0-x86_64-linux-musl)
    telegram-bot-ruby (2.2.0)
      dry-struct (~> 1.6)
      faraday (~> 2.0)
      faraday-multipart (~> 1.0)
      zeitwerk (~> 2.6)
    uri (1.0.2)
    zeitwerk (2.7.1)

PLATFORMS
  aarch64-linux-gnu
  aarch64-linux-musl
  arm-linux-gnu
  arm-linux-musl
  arm64-darwin
  x86-linux-gnu
  x86-linux-musl
  x86_64-darwin
  x86_64-linux-gnu
  x86_64-linux-musl

DEPENDENCIES
  dotenv
  json
  pry
  sqlite3
  telegram-bot-ruby

BUNDLED WITH
   2.5.22
